GEM
  remote: https://rubygems.org/
  specs:
    parallel-each (1.0.0)

PLATFORMS
  ruby

DEPENDENCIES
  parallel-each
